GIT
  remote: git://github.com/rails/arel.git
  revision: 14df08d80fc363fb9932d9534503b3276d30d9a5
  specs:
    arel (7.0.0.alpha)

GIT
  remote: git://github.com/rails/rails.git
  revision: 794252d70990162d14da17ee854ad353e74297ee
  specs:
    actionmailer (5.0.0.alpha)
      actionpack (= 5.0.0.alpha)
      actionview (= 5.0.0.alpha)
      activejob (= 5.0.0.alpha)
      mail (~> 2.5, >= 2.5.4)
      rails-dom-testing (~> 1.0, >= 1.0.5)
    actionpack (5.0.0.alpha)
      actionview (= 5.0.0.alpha)
      activesupport (= 5.0.0.alpha)
      rack (~> 1.6)
      rack-test (~> 0.6.3)
      rails-dom-testing (~> 1.0, >= 1.0.5)
      rails-html-sanitizer (~> 1.0, >= 1.0.2)
    actionview (5.0.0.alpha)
      activesupport (= 5.0.0.alpha)
      builder (~> 3.1)
      erubis (~> 2.7.0)
      rails-dom-testing (~> 1.0, >= 1.0.5)
      rails-html-sanitizer (~> 1.0, >= 1.0.2)
    activejob (5.0.0.alpha)
      activesupport (= 5.0.0.alpha)
      globalid (>= 0.3.0)
    activemodel (5.0.0.alpha)
      activesupport (= 5.0.0.alpha)
      builder (~> 3.1)
    activerecord (5.0.0.alpha)
      activemodel (= 5.0.0.alpha)
      activesupport (= 5.0.0.alpha)
      arel (= 7.0.0.alpha)
    activesupport (5.0.0.alpha)
      i18n (~> 0.7)
      json (~> 1.7, >= 1.7.7)
      minitest (~> 5.1)
      thread_safe (~> 0.3, >= 0.3.4)
      tzinfo (~> 1.1)
    rails (5.0.0.alpha)
      actionmailer (= 5.0.0.alpha)
      actionpack (= 5.0.0.alpha)
      actionview (= 5.0.0.alpha)
      activejob (= 5.0.0.alpha)
      activemodel (= 5.0.0.alpha)
      activerecord (= 5.0.0.alpha)
      activesupport (= 5.0.0.alpha)
      bundler (>= 1.3.0, < 2.0)
      railties (= 5.0.0.alpha)
      sprockets-rails
    railties (5.0.0.alpha)
      actionpack (= 5.0.0.alpha)
      activesupport (= 5.0.0.alpha)
      method_source
      rake (>= 0.8.7)
      thor (>= 0.18.1, < 2.0)

GIT
  remote: git://github.com/rails/sprockets-rails.git
  revision: 34ae184693db41b4e3338940073af9d728881a9c
  specs:
    sprockets-rails (3.0.0.beta1)
      actionpack (>= 4.0)
      activesupport (>= 4.0)
      sprockets (>= 3.0.0, < 4.0)

GIT
  remote: git://github.com/rails/web-console.git
  revision: baafb8e6d074c7b0532b6da6bfd6fe3be5e1549f
  specs:
    web-console (2.2.1)
      activemodel (>= 4.0)
      binding_of_caller (>= 0.7.2)
      railties (>= 4.0)
      sprockets-rails (>= 2.0, < 4.0)

GEM
  remote: https://rubygems.org/
  specs:
    active_model_serializers (0.10.0.rc2)
      activemodel (>= 4.0)
    annotate (2.6.7)
      activerecord (>= 2.3.0)
      rake (~> 10.4.2, >= 10.4.2)
    binding_of_caller (0.7.2)
      debug_inspector (>= 0.0.1)
    bonsai-elasticsearch-rails (0.0.4)
    builder (3.2.2)
    byebug (5.0.0)
      columnize (= 0.9.0)
    columnize (0.9.0)
    debug_inspector (0.0.2)
    elasticsearch (1.0.12)
      elasticsearch-api (= 1.0.12)
      elasticsearch-transport (= 1.0.12)
    elasticsearch-api (1.0.12)
      multi_json
    elasticsearch-model (0.1.7)
      activesupport (> 3)
      elasticsearch (> 0.4)
      hashie
    elasticsearch-rails (0.1.7)
    elasticsearch-transport (1.0.12)
      faraday
      multi_json
    erubis (2.7.0)
    faraday (0.9.1)
      multipart-post (>= 1.2, < 3)
    globalid (0.3.5)
      activesupport (>= 4.1.0)
    hashie (3.4.2)
    i18n (0.7.0)
    json (1.8.3)
    kaminari (0.16.3)
      actionpack (>= 3.0.0)
      activesupport (>= 3.0.0)
    loofah (2.0.2)
      nokogiri (>= 1.5.9)
    mail (2.6.3)
      mime-types (>= 1.16, < 3)
    method_source (0.8.2)
    mime-types (2.6.1)
    mini_portile (0.6.2)
    minitest (5.7.0)
    multi_json (1.11.2)
    multipart-post (2.0.0)
    mysql2 (0.3.18)
    newrelic_rpm (3.12.1.298)
    nokogiri (1.6.6.2)
      mini_portile (~> 0.6.0)
    pg (0.18.2)
    puma (2.11.3)
      rack (>= 1.1, < 2.0)
    rack (1.6.4)
    rack-cors (0.4.0)
    rack-test (0.6.3)
      rack (>= 1.0)
    rails-deprecated_sanitizer (1.0.3)
      activesupport (>= 4.2.0.alpha)
    rails-dom-testing (1.0.6)
      activesupport (>= 4.2.0.beta, < 5.0)
      nokogiri (~> 1.6.0)
      rails-deprecated_sanitizer (>= 1.0.1)
    rails-html-sanitizer (1.0.2)
      loofah (~> 2.0)
    rails_12factor (0.0.3)
      rails_serve_static_assets
      rails_stdout_logging
    rails_serve_static_assets (0.0.4)
    rails_stdout_logging (0.0.3)
    rake (10.4.2)
    spring (1.3.6)
    sprockets (3.2.0)
      rack (~> 1.0)
    thor (0.19.1)
    thread_safe (0.3.5)
    tzinfo (1.2.2)
      thread_safe (~> 0.1)

PLATFORMS
  ruby

DEPENDENCIES
  active_model_serializers (~> 0.10.0.rc2)
  annotate (~> 2.6.6)
  arel!
  bonsai-elasticsearch-rails
  byebug
  elasticsearch-model
  elasticsearch-rails
  kaminari
  mysql2
  newrelic_rpm
  pg
  puma
  rack-cors
  rails!
  rails_12factor
  spring
  sprockets-rails!
  web-console!

BUNDLED WITH
   1.10.5
